PATH
  remote: .
  specs:
    new_gem (0.1.0)

GEM
  remote: https://rubygems.org/
  specs:
    rake (13.1.0)

PLATFORMS
  arm64-darwin-23

DEPENDENCIES
  new_gem!
  rake (~> 13.0)

BUNDLED WITH
   2.4.22
